PATH
  remote: .
  specs:
    fuubar (2.0.0.beta2)
      rspec (~> 3.0.beta)
      ruby-progressbar (~> 1.4)

GEM
  remote: http://rubygems.org/
  specs:
    diff-lcs (1.2.5)
    rake (10.3.2)
    rspec (3.0.0.rc1)
      rspec-core (= 3.0.0.rc1)
      rspec-expectations (= 3.0.0.rc1)
      rspec-mocks (= 3.0.0.rc1)
    rspec-core (3.0.0.rc1)
      rspec-support (= 3.0.0.rc1)
    rspec-expectations (3.0.0.rc1)
      diff-lcs (>= 1.2.0, < 2.0)
      rspec-support (= 3.0.0.rc1)
    rspec-mocks (3.0.0.rc1)
      rspec-support (= 3.0.0.rc1)
    rspec-support (3.0.0.rc1)
    ruby-progressbar (1.5.1)

PLATFORMS
  ruby

DEPENDENCIES
  fuubar!
  rake
